PATH
  remote: ../rulers
  specs:
    rulers (0.0.4)
      erubis
      rack

GEM
  remote: https://rubygems.org/
  specs:
    binding_of_caller (0.7.2)
      debug_inspector (>= 0.0.1)
    coderay (1.1.0)
    debug_inspector (0.0.2)
    erubis (2.7.0)
    ffi (1.9.3)
    listen (1.0.3)
      rb-fsevent (>= 0.9.3)
      rb-inotify (>= 0.9)
      rb-kqueue (>= 0.2)
    method_source (0.8.2)
    pry (0.9.12.6)
      coderay (~> 1.0)
      method_source (~> 0.8)
      slop (~> 3.4)
    pry-nav (0.2.3)
      pry (~> 0.9.10)
    pry-stack_explorer (0.4.9.1)
      binding_of_caller (>= 0.7)
      pry (>= 0.9.11)
    rack (1.5.2)
    rb-fsevent (0.9.4)
    rb-inotify (0.9.3)
      ffi (>= 0.5.0)
    rb-kqueue (0.2.2)
      ffi (>= 0.5.0)
    rerun (0.8.2)
      listen (~> 1.0.3)
    slop (3.4.7)

PLATFORMS
  ruby

DEPENDENCIES
  pry
  pry-nav
  pry-stack_explorer
  rerun
  rulers!
